PATH
  remote: /Users/seamus/code/typedcsv
  specs:
    typedcsv (0.1.0)

GEM
  remote: https://rubygems.org/
  specs:
    benchmark-ips (2.7.2)
    faker (1.8.4)
      i18n (~> 0.5)
    i18n (0.8.6)

PLATFORMS
  ruby

DEPENDENCIES
  benchmark-ips
  faker
  typedcsv!

BUNDLED WITH
   1.15.4
